GEM
  remote: https://rubygems.org/
  specs:
    json (1.8.2)
    jwt (1.5.0)
    netrc (0.7.9)
    playlyfe (1.0.1)
      json (= 1.8.2)
      jwt (= 1.5.0)
      rest_client (= 1.7.2)
    rest_client (1.7.2)
      netrc (~> 0.7.7)

PLATFORMS
  ruby

DEPENDENCIES
  playlyfe

BUNDLED WITH
   1.10.6
